PATH
  remote: .
  specs:
    sass-zero (0.0.1)

GEM
  remote: https://rubygems.org/
  specs:

PLATFORMS
  ruby

DEPENDENCIES
  sass-zero!

BUNDLED WITH
   1.17.3
