PATH
  remote: .
  specs:
    sass-zero (1.5.7)

GEM
  remote: https://rubygems.org/
  specs:
    rake (13.0.6)

PLATFORMS
  x86_64-darwin-21
  x86_64-darwin-22

DEPENDENCIES
  rake (~> 13.0)
  sass-zero!

BUNDLED WITH
   2.4.19
