PATH
  remote: .
  specs:
    sass-zero (1.1.6)

GEM
  remote: https://rubygems.org/
  specs:
    rake (13.0.6)

PLATFORMS
  x86_64-darwin-21

DEPENDENCIES
  rake (~> 13.0)
  sass-zero!

BUNDLED WITH
   2.3.19
